GEM
  remote: https://rubygems.org/
  specs:
    cutlass (0.3.0)
      docker-api (>= 2.0)
    dead_end (4.0.0)
    diff-lcs (1.5.0)
    docker-api (2.2.0)
      excon (>= 0.47.0)
      multi_json
    excon (0.87.0)
    java-properties (0.3.0)
    multi_json (1.15.0)
    rspec-core (3.11.0)
      rspec-support (~> 3.11.0)
    rspec-expectations (3.11.0)
      diff-lcs (>= 1.2.0, < 2.0)
      rspec-support (~> 3.11.0)
    rspec-retry (0.6.2)
      rspec-core (> 3.3)
    rspec-support (3.11.0)

PLATFORMS
  ruby

DEPENDENCIES
  cutlass
  dead_end
  java-properties
  rspec-expectations
  rspec-retry

BUNDLED WITH
   2.2.16
